PATH
  remote: .
  specs:
    atlas_engine_test_one (0.1.0)
      elasticsearch-model
      elasticsearch-rails
      graphiql-rails
      graphql
      rails (>= 7.0.7.2)

GEM
  remote: https://rubygems.org/
  specs:
    actioncable (7.0.8)
      actionpack (= 7.0.8)
      activesupport (= 7.0.8)
      nio4r (~> 2.0)
      websocket-driver (>= 0.6.1)
    actionmailbox (7.0.8)
      actionpack (= 7.0.8)
      activejob (= 7.0.8)
      activerecord (= 7.0.8)
      activestorage (= 7.0.8)
      activesupport (= 7.0.8)
      mail (>= 2.7.1)
      net-imap
      net-pop
      net-smtp
    actionmailer (7.0.8)
      actionpack (= 7.0.8)
      actionview (= 7.0.8)
      activejob (= 7.0.8)
      activesupport (= 7.0.8)
      mail (~> 2.5, >= 2.5.4)
      net-imap
      net-pop
      net-smtp
      rails-dom-testing (~> 2.0)
    actionpack (7.0.8)
      actionview (= 7.0.8)
      activesupport (= 7.0.8)
      rack (~> 2.0, >= 2.2.4)
      rack-test (>= 0.6.3)
      rails-dom-testing (~> 2.0)
      rails-html-sanitizer (~> 1.0, >= 1.2.0)
    actiontext (7.0.8)
      actionpack (= 7.0.8)
      activerecord (= 7.0.8)
      activestorage (= 7.0.8)
      activesupport (= 7.0.8)
      globalid (>= 0.6.0)
      nokogiri (>= 1.8.5)
    actionview (7.0.8)
      activesupport (= 7.0.8)
      builder (~> 3.1)
      erubi (~> 1.4)
      rails-dom-testing (~> 2.0)
      rails-html-sanitizer (~> 1.1, >= 1.2.0)
    activejob (7.0.8)
      activesupport (= 7.0.8)
      globalid (>= 0.3.6)
    activemodel (7.0.8)
      activesupport (= 7.0.8)
    activerecord (7.0.8)
      activemodel (= 7.0.8)
      activesupport (= 7.0.8)
    activestorage (7.0.8)
      actionpack (= 7.0.8)
      activejob (= 7.0.8)
      activerecord (= 7.0.8)
      activesupport (= 7.0.8)
      marcel (~> 1.0)
      mini_mime (>= 1.1.0)
    activesupport (7.0.8)
      concurrent-ruby (~> 1.0, >= 1.0.2)
      i18n (>= 1.6, < 2)
      minitest (>= 5.1)
      tzinfo (~> 2.0)
    ast (2.4.2)
    base64 (0.1.1)
    builder (3.2.4)
    concurrent-ruby (1.2.2)
    connection_pool (2.4.1)
    crass (1.0.6)
    date (3.3.3)
    debug (1.8.0)
      irb (>= 1.5.0)
      reline (>= 0.3.1)
    elasticsearch (7.17.8)
      elasticsearch-api (= 7.17.8)
      elasticsearch-transport (= 7.17.8)
    elasticsearch-api (7.17.8)
      multi_json
    elasticsearch-model (7.2.1)
      activesupport (> 3)
      elasticsearch (~> 7)
      hashie
    elasticsearch-rails (7.2.1)
    elasticsearch-transport (7.17.8)
      faraday (~> 1)
      multi_json
    erubi (1.12.0)
    faraday (1.10.3)
      faraday-em_http (~> 1.0)
      faraday-em_synchrony (~> 1.0)
      faraday-excon (~> 1.1)
      faraday-httpclient (~> 1.0)
      faraday-multipart (~> 1.0)
      faraday-net_http (~> 1.0)
      faraday-net_http_persistent (~> 1.0)
      faraday-patron (~> 1.0)
      faraday-rack (~> 1.0)
      faraday-retry (~> 1.0)
      ruby2_keywords (>= 0.0.4)
    faraday-em_http (1.0.0)
    faraday-em_synchrony (1.0.0)
    faraday-excon (1.1.0)
    faraday-httpclient (1.0.1)
    faraday-multipart (1.0.4)
      multipart-post (~> 2)
    faraday-net_http (1.0.1)
    faraday-net_http_persistent (1.2.0)
    faraday-patron (1.0.0)
    faraday-rack (1.0.0)
    faraday-retry (1.0.3)
    globalid (1.2.1)
      activesupport (>= 6.1)
    graphiql-rails (1.9.0)
      railties
      sprockets-rails
    graphql (2.1.0)
    hashie (5.0.0)
    i18n (1.14.1)
      concurrent-ruby (~> 1.0)
    io-console (0.6.0)
    irb (1.8.1)
      rdoc
      reline (>= 0.3.8)
    job-iteration (1.4.1)
      activejob (>= 5.2)
    json (2.6.3)
    language_server-protocol (3.17.0.3)
    loofah (2.21.3)
      crass (~> 1.0.2)
      nokogiri (>= 1.12.0)
    mail (2.8.1)
      mini_mime (>= 0.1.1)
      net-imap
      net-pop
      net-smtp
    maintenance_tasks (2.3.2)
      actionpack (>= 6.0)
      activejob (>= 6.0)
      activerecord (>= 6.0)
      job-iteration (>= 1.3.6)
      railties (>= 6.0)
    marcel (1.0.2)
    method_source (1.0.0)
    mini_mime (1.1.5)
    minitest (5.20.0)
    minitest-distributed (0.2.10)
      minitest (~> 5.12)
      redis (>= 5.0.6, < 6)
      sorbet-runtime
    minitest-silence (0.2.4)
      minitest (~> 5.12)
    multi_json (1.15.0)
    multipart-post (2.3.0)
    mysql2 (0.5.5)
    net-imap (0.3.7)
      date
      net-protocol
    net-pop (0.1.2)
      net-protocol
    net-protocol (0.2.1)
      timeout
    net-smtp (0.3.3)
      net-protocol
    nio4r (2.5.9)
    nokogiri (1.15.4-arm64-darwin)
      racc (~> 1.4)
    nokogiri (1.15.4-x86_64-linux)
      racc (~> 1.4)
    parallel (1.23.0)
    parser (3.2.2.3)
      ast (~> 2.4.1)
      racc
    psych (5.1.0)
      stringio
    puma (6.3.1)
      nio4r (~> 2.0)
    racc (1.7.1)
    rack (2.2.8)
    rack-test (2.1.0)
      rack (>= 1.3)
    rails (7.0.8)
      actioncable (= 7.0.8)
      actionmailbox (= 7.0.8)
      actionmailer (= 7.0.8)
      actionpack (= 7.0.8)
      actiontext (= 7.0.8)
      actionview (= 7.0.8)
      activejob (= 7.0.8)
      activemodel (= 7.0.8)
      activerecord (= 7.0.8)
      activestorage (= 7.0.8)
      activesupport (= 7.0.8)
      bundler (>= 1.15.0)
      railties (= 7.0.8)
    rails-dom-testing (2.2.0)
      activesupport (>= 5.0.0)
      minitest
      nokogiri (>= 1.6)
    rails-html-sanitizer (1.6.0)
      loofah (~> 2.21)
      nokogiri (~> 1.14)
    railties (7.0.8)
      actionpack (= 7.0.8)
      activesupport (= 7.0.8)
      method_source
      rake (>= 12.2)
      thor (~> 1.0)
      zeitwerk (~> 2.5)
    rainbow (3.1.1)
    rake (13.0.6)
    rdoc (6.5.0)
      psych (>= 4.0.0)
    redis (5.0.7)
      redis-client (>= 0.9.0)
    redis-client (0.17.0)
      connection_pool
    regexp_parser (2.8.1)
    reline (0.3.8)
      io-console (~> 0.5)
    rexml (3.2.6)
    rubocop (1.56.2)
      base64 (~> 0.1.1)
      json (~> 2.3)
      language_server-protocol (>= 3.17.0)
      parallel (~> 1.10)
      parser (>= 3.2.2.3)
      rainbow (>= 2.2.2, < 4.0)
      regexp_parser (>= 1.8, < 3.0)
      rexml (>= 3.2.5, < 4.0)
      rubocop-ast (>= 1.28.1, < 2.0)
      ruby-progressbar (~> 1.7)
      unicode-display_width (>= 2.4.0, < 3.0)
    rubocop-ast (1.29.0)
      parser (>= 3.2.1.0)
    rubocop-shopify (2.14.0)
      rubocop (~> 1.51)
    ruby-progressbar (1.13.0)
    ruby2_keywords (0.0.5)
    sorbet-runtime (0.5.11002)
    sprockets (4.2.1)
      concurrent-ruby (~> 1.0)
      rack (>= 2.2.4, < 4)
    sprockets-rails (3.4.2)
      actionpack (>= 5.2)
      activesupport (>= 5.2)
      sprockets (>= 3.0.0)
    sqlite3 (1.6.6-arm64-darwin)
    sqlite3 (1.6.6-x86_64-linux)
    stringio (3.0.8)
    thor (1.2.2)
    timeout (0.4.0)
    tzinfo (2.0.6)
      concurrent-ruby (~> 1.0)
    unicode-display_width (2.4.2)
    websocket-driver (0.7.6)
      websocket-extensions (>= 0.1.0)
    websocket-extensions (0.1.5)
    zeitwerk (2.6.11)

PLATFORMS
  arm64-darwin-22
  x86_64-linux

DEPENDENCIES
  atlas_engine_test_one!
  debug
  graphiql-rails
  maintenance_tasks (~> 2.3)
  minitest-distributed
  minitest-silence (>= 0.2.4)
  mysql2 (~> 0.5)
  puma (~> 6.3)
  rails
  rubocop-shopify
  sprockets-rails
  sqlite3

BUNDLED WITH
   2.4.6
